GEM
  remote: http://rubygems.org/
  specs:
    classifier (1.3.1)
      stemmer (>= 1.0.0)
    json (1.5.1)
    rake (0.9.2)
    rb-appscript (0.6.1)
    stemmer (1.0.1)
    twss (0.0.5)
      classifier (= 1.3.1)
    xmpp4r (0.5)

PLATFORMS
  ruby

DEPENDENCIES
  json
  rake
  rb-appscript
  twss
  xmpp4r
