GEM
  remote: http://rubygems.org/
  specs:
    classifier (1.3.1)
      stemmer (>= 1.0.0)
    crack (0.1.8)
    diff-lcs (1.1.3)
    hipchat-api (1.0.2)
      httparty
    httparty (0.6.1)
      crack (= 0.1.8)
    json (1.5.1)
    nokogiri (1.5.0)
    oauth (0.4.5)
    rake (0.9.2)
    rb-appscript (0.6.1)
    rspec (2.6.0)
      rspec-core (~> 2.6.0)
      rspec-expectations (~> 2.6.0)
      rspec-mocks (~> 2.6.0)
    rspec-core (2.6.4)
    rspec-expectations (2.6.0)
      diff-lcs (~> 1.1.2)
    rspec-mocks (2.6.0)
    stemmer (1.0.1)
    twss (0.0.5)
      classifier (= 1.3.1)
    xmpp4r (0.5)

PLATFORMS
  ruby

DEPENDENCIES
  hipchat-api
  httparty
  json
  nokogiri
  oauth
  rake
  rb-appscript
  rspec (~> 2.6.0)
  twss
  xmpp4r
