GEM
  remote: http://rubygems.org/
  specs:
    json (1.5.1)
    rake (0.9.2)
    xmpp4r (0.5)

PLATFORMS
  ruby

DEPENDENCIES
  json
  rake
  xmpp4r
